GEM
  remote: https://rubygems.org/
  specs:
    bourbon (4.2.3)
      sass (~> 3.4)
      thor
    sass (3.4.14)
    thor (0.19.1)

PLATFORMS
  ruby

DEPENDENCIES
  bourbon
  sass (~> 3.3)

BUNDLED WITH
   1.10.3
